GEM
  remote: https://rubygems.org/
  specs:
    coderay (1.1.0)
    colorator (0.1)
    em-websocket (0.5.1)
      eventmachine (>= 0.12.9)
      http_parser.rb (~> 0.6.0)
    eventmachine (1.0.8)
    ffi (1.9.10-x64-mingw32)
    formatador (0.2.5)
    guard (2.13.0)
      formatador (>= 0.2.4)
      listen (>= 2.7, <= 4.0)
      lumberjack (~> 1.0)
      nenv (~> 0.1)
      notiffany (~> 0.0)
      pry (>= 0.9.12)
      shellany (~> 0.0)
      thor (>= 0.18.1)
    guard-compat (1.2.1)
    guard-jekyll-plus (2.0.2)
      guard (~> 2.10, >= 2.10.3)
      guard-compat (~> 1.1)
      jekyll (>= 1.0.0)
    guard-livereload (2.5.1)
      em-websocket (~> 0.5)
      guard (~> 2.8)
      guard-compat (~> 1.0)
      multi_json (~> 1.8)
    http_parser.rb (0.6.0)
    jekyll (3.0.1)
      colorator (~> 0.1)
      jekyll-sass-converter (~> 1.0)
      jekyll-watch (~> 1.1)
      kramdown (~> 1.3)
      liquid (~> 3.0)
      mercenary (~> 0.3.3)
      rouge (~> 1.7)
      safe_yaml (~> 1.0)
    jekyll-sass-converter (1.4.0)
      sass (~> 3.4)
    jekyll-watch (1.3.0)
      listen (~> 3.0)
    kramdown (1.9.0)
    liquid (3.0.6)
    listen (3.0.5)
      rb-fsevent (>= 0.9.3)
      rb-inotify (>= 0.9)
    lumberjack (1.0.10)
    mercenary (0.3.5)
    method_source (0.8.2)
    minitest (5.4.3)
    multi_json (1.11.2)
    nenv (0.2.0)
    notiffany (0.0.8)
      nenv (~> 0.1)
      shellany (~> 0.0)
    power_assert (0.2.2)
    pry (0.10.3)
      coderay (~> 1.1.0)
      method_source (~> 0.8.1)
      slop (~> 3.4)
    rake (10.4.2)
    rb-fsevent (0.9.7)
    rb-inotify (0.9.5)
      ffi (>= 0.5.0)
    rdoc (4.2.0)
    rouge (1.10.1)
    safe_yaml (1.0.4)
    sass (3.4.20)
    shellany (0.0.1)
    slop (3.6.0)
    test-unit (3.0.8)
      power_assert
    thor (0.19.1)
    wdm (0.1.1)

PLATFORMS
  x64-mingw32

DEPENDENCIES
  bundler
  coderay
  colorator
  ffi
  formatador
  guard
  guard-compat
  guard-jekyll-plus
  guard-livereload
  jekyll
  jekyll-sass-converter
  jekyll-watch
  kramdown
  liquid
  listen
  lumberjack
  mercenary
  method_source
  minitest
  nenv
  notiffany
  power_assert
  pry
  rake
  rb-fsevent
  rb-inotify
  rdoc
  rouge
  safe_yaml
  sass
  shellany
  slop
  test-unit
  thor
  wdm (>= 0.1.0)

BUNDLED WITH
   1.11.2
